PATH
  remote: ../yard
  specs:
    yard (0.7.4)

GEM
  remote: http://rubygems.org/
  specs:
    RedCloth (4.2.8)
    activesupport (3.1.1)
      multi_json (~> 1.0)
    airbrake (3.0.4)
      activesupport
      builder
    bluecloth (2.1.0)
    builder (3.0.0)
    diff-lcs (1.1.3)
    github-markup (0.5.3)
    i18n (0.6.0)
    json (1.6.1)
    kgio (2.6.0)
    maruku (0.6.0)
      syntax (>= 1.0.0)
    multi_json (1.0.3)
    rack (1.3.5)
    rack-protection (1.1.4)
      rack
    raindrops (0.8.0)
    rake (0.9.2.2)
    rdiscount (1.6.8)
    redcarpet (1.17.2)
    rspec (2.7.0)
      rspec-core (~> 2.7.0)
      rspec-expectations (~> 2.7.0)
      rspec-mocks (~> 2.7.0)
    rspec-core (2.7.1)
    rspec-expectations (2.7.0)
      diff-lcs (~> 1.1.2)
    rspec-mocks (2.7.0)
    sequel (3.28.0)
    sinatra (1.3.1)
      rack (~> 1.3, >= 1.3.4)
      rack-protection (~> 1.1, >= 1.1.2)
      tilt (~> 1.3, >= 1.3.3)
    sqlite3 (1.3.4)
    syntax (1.0.0)
    tilt (1.3.3)
    unicorn (4.1.1)
      kgio (~> 2.4)
      rack
      raindrops (~> 0.6)
    yard-rails (0.2.0)
      yard

PLATFORMS
  ruby

DEPENDENCIES
  RedCloth
  activesupport
  airbrake
  bluecloth
  github-markup
  i18n
  json
  maruku
  rake
  rdiscount
  redcarpet
  rspec
  sequel
  sinatra (>= 1.3)
  sqlite3
  syntax
  unicorn
  yard!
  yard-rails
